GIT
  remote: git://github.com/toao/compass-twitter-bootstrap.git
  revision: adaa7e3a0cd176df0d15e163877420667f763311
  specs:
    compass_twitter_bootstrap (2.0.3)
      compass

GEM
  remote: http://rubygems.org/
  specs:
    chunky_png (1.2.6)
    compass (0.12.2)
      chunky_png (~> 1.2)
      fssm (>= 0.2.7)
      sass (~> 3.1)
    fssm (0.2.9)
    sass (3.2.1)

PLATFORMS
  ruby

DEPENDENCIES
  compass_twitter_bootstrap!
