GIT
  remote: git://github.com/toao/compass-twitter-bootstrap.git
  revision: adaa7e3a0cd176df0d15e163877420667f763311
  specs:
    compass_twitter_bootstrap (2.0.3)
      compass

GEM
  remote: http://rubygems.org/
  specs:
    albino (1.3.3)
      posix-spawn (>= 0.3.6)
    chunky_png (1.2.6)
    classifier (1.3.3)
      fast-stemmer (>= 1.0.0)
    compass (0.12.2)
      chunky_png (~> 1.2)
      fssm (>= 0.2.7)
      sass (~> 3.1)
    directory_watcher (1.4.1)
    fast-stemmer (1.0.1)
    foreman (0.58.0)
      thor (>= 0.13.6)
    fssm (0.2.9)
    jekyll (0.11.2)
      albino (~> 1.3)
      classifier (~> 1.3)
      directory_watcher (~> 1.1)
      kramdown (~> 0.13)
      liquid (~> 2.3)
      maruku (~> 0.5)
    kramdown (0.13.8)
    liquid (2.4.1)
    maruku (0.6.0)
      syntax (>= 1.0.0)
    posix-spawn (0.3.6)
    sass (3.2.1)
    syntax (1.0.0)
    thor (0.16.0)

PLATFORMS
  ruby

DEPENDENCIES
  compass
  compass_twitter_bootstrap!
  foreman
  jekyll
